GEM
  remote: https://rubygems.org/
  specs:
    autoprefixer-rails (5.1.8)
      execjs
      json
    bootstrap-sass (3.3.4.1)
      autoprefixer-rails (>= 5.0.0.1)
      sass (>= 3.2.19)
    daemons (1.2.2)
    eventmachine (1.0.9)
    execjs (2.4.0)
    haml (4.0.6)
      tilt
    json (1.8.3)
    rack (1.6.4)
    rack-protection (1.5.3)
      rack
    sass (3.4.13)
    sinatra (1.4.7)
      rack (~> 1.5)
      rack-protection (~> 1.4)
      tilt (>= 1.3, < 3)
    thin (1.6.3)
      daemons (~> 1.0, >= 1.0.9)
      eventmachine (~> 1.0)
      rack (~> 1.0)
    tilt (2.0.5)

PLATFORMS
  ruby

DEPENDENCIES
  bootstrap-sass
  haml
  sass
  sinatra
  thin

BUNDLED WITH
   1.12.5
